GEM
  remote: https://rubygems.org/
  specs:
    addressable (2.8.7)
      public_suffix (>= 2.0.2, < 7.0)
    childprocess (5.1.0)
      logger (~> 1.5)
    launchy (3.1.1)
      addressable (~> 2.8)
      childprocess (~> 5.0)
      logger (~> 1.6)
    logger (1.7.0)
    pkce_challenge (1.0.0)
    public_suffix (6.0.2)
    webrick (1.9.1)

PLATFORMS
  x86_64-linux

DEPENDENCIES
  launchy
  pkce_challenge
  webrick

BUNDLED WITH
   2.4.14
